GIT
  remote: git://github.com/amatsuda/kaminari.git
  revision: 82a38e07db1ca1598c8daf073a8f6be22ae714d6
  specs:
    kaminari (0.13.0)
      actionpack (>= 3.0.0)
      activesupport (>= 3.0.0)

GIT
  remote: git://github.com/bryanmig/plupload-rails.git
  revision: 6d07d0f7e05d0b3fdc9b03b49d3a7c3aa1cd703b
  specs:
    plupload-rails (1.0.6)
      rails (~> 3.1)

GIT
  remote: git://github.com/capistrano/capistrano.git
  revision: bc577dfb7cb42a06800d5001424b4726f2007525
  specs:
    capistrano (2.12.0)
      highline
      net-scp (>= 1.0.0)
      net-sftp (>= 2.0.0)
      net-ssh (>= 2.0.14)
      net-ssh-gateway (>= 1.1.0)

GIT
  remote: git://github.com/greendog/ajaxful_rating_jquery.git
  revision: ae3314d3067d9f13a62675fa08afa4ecd31a7828
  specs:
    ajaxful_rating_jquery (3.0.0.beta3)

GIT
  remote: git://github.com/greendog/devise_omniauth_engine.git
  revision: c46d449222133f709b5f0cafc31a57f1ae208f06
  specs:
    devise_omniauth_engine (1.0.0)
      devise
      omniauth
      yettings

GIT
  remote: git://github.com/lloydk/breadcrumbs_on_rails.git
  revision: 310c40186b97dc816e22e9be7aac3b43dcef040b
  specs:
    breadcrumbs_on_rails (2.2.0)

GIT
  remote: git://github.com/mamantoha/omniauth-vkontakte.git
  revision: 1876321f6e6e2f1ddd8791bb10b9d515817d683a
  specs:
    omniauth-vkontakte (1.1.0)
      multi_json
      omniauth (~> 1.1.0)
      omniauth-oauth2 (~> 1.0)

GIT
  remote: git://github.com/markbates/configatron.git
  revision: 7a81defa5e1fb032b5ed62754d7e6d7bfecf07a2
  specs:
    configatron (2.9.1)
      yamler (>= 0.1.0)

GIT
  remote: git://github.com/openrain/action_mailer_tls.git
  revision: 4c4db7e098d54b2239c1ce7c195417552718418c
  specs:
    action_mailer_tls (1.1.3)

GIT
  remote: git://github.com/seyhunak/twitter-bootstrap-rails.git
  revision: 86cffd50084953ce59938a1f2f097a0be8b973b0
  specs:
    twitter-bootstrap-rails (2.1.1)
      actionpack (>= 3.1)
      less-rails (~> 2.2.3)
      railties (>= 3.1)
      therubyracer (>= 0.11.0beta5)

GIT
  remote: git://github.com/sosedoff/capistrano-unicorn.git
  revision: bafc12cd8235307d30b5c85259914d17c5ece2d3
  specs:
    capistrano-unicorn (0.1.6)
      capistrano

GIT
  remote: git://github.com/yaroslav/russian.git
  revision: e2dde13672bcee176f8b0be364a55ac256913231
  specs:
    russian (0.6.0)
      i18n (>= 0.5.0)

GEM
  remote: http://rubygems.org/
  specs:
    actionmailer (3.2.8)
      actionpack (= 3.2.8)
      mail (~> 2.4.4)
    actionpack (3.2.8)
      activemodel (= 3.2.8)
      activesupport (= 3.2.8)
      builder (~> 3.0.0)
      erubis (~> 2.7.0)
      journey (~> 1.0.4)
      rack (~> 1.4.0)
      rack-cache (~> 1.2)
      rack-test (~> 0.6.1)
      sprockets (~> 2.1.3)
    activemodel (3.2.8)
      activesupport (= 3.2.8)
      builder (~> 3.0.0)
    activerecord (3.2.8)
      activemodel (= 3.2.8)
      activesupport (= 3.2.8)
      arel (~> 3.0.2)
      tzinfo (~> 0.3.29)
    activeresource (3.2.8)
      activemodel (= 3.2.8)
      activesupport (= 3.2.8)
    activesupport (3.2.8)
      i18n (~> 0.6)
      multi_json (~> 1.0)
    arel (3.0.2)
    bcrypt-ruby (3.0.1)
    builder (3.0.0)
    cancan (1.6.8)
    capistrano_colors (0.5.5)
    carrierwave (0.6.2)
      activemodel (>= 3.2.0)
      activesupport (>= 3.2.0)
    coffee-rails (3.2.2)
      coffee-script (>= 2.2.0)
      railties (~> 3.2.0)
    coffee-script (2.2.0)
      coffee-script-source
      execjs
    coffee-script-source (1.3.3)
    commonjs (0.2.6)
    devise (2.1.2)
      bcrypt-ruby (~> 3.0)
      orm_adapter (~> 0.1)
      railties (~> 3.1)
      warden (~> 1.2.1)
    dynamic_form (1.1.4)
    erubis (2.7.0)
    excon (0.16.0)
    execjs (1.4.0)
      multi_json (~> 1.0)
    faraday (0.8.2)
      multipart-post (~> 1.1)
    ffaker (1.15.0)
    fog (1.5.0)
      builder
      excon (~> 0.14)
      formatador (~> 0.2.0)
      mime-types
      multi_json (~> 1.0)
      net-scp (~> 1.0.4)
      net-ssh (>= 2.1.3)
      nokogiri (~> 1.5.0)
      ruby-hmac
    formatador (0.2.3)
    hashie (1.2.0)
    highline (1.6.13)
    hike (1.2.1)
    httpauth (0.1)
    i18n (0.6.0)
    journey (1.0.4)
    jquery-rails (2.0.2)
      railties (>= 3.2.0, < 5.0)
      thor (~> 0.14)
    jquery-ui-rails (1.1.0)
      jquery-rails
      railties (>= 3.1.0)
    json (1.7.4)
    jwt (0.1.5)
      multi_json (>= 1.0)
    kgio (2.7.4)
    less (2.2.1)
      commonjs (~> 0.2.6)
    less-rails (2.2.3)
      actionpack (>= 3.1)
      less (~> 2.2.0)
    machinist (2.0)
    mail (2.4.4)
      i18n (>= 0.4.0)
      mime-types (~> 1.16)
      treetop (~> 1.4.8)
    mime-types (1.19)
    mini_exiftool (1.6.0)
    mini_magick (3.4)
      subexec (~> 0.2.1)
    multi_json (1.3.6)
    multipart-post (1.1.5)
    net-scp (1.0.4)
      net-ssh (>= 1.99.1)
    net-sftp (2.0.5)
      net-ssh (>= 2.0.9)
    net-ssh (2.5.2)
    net-ssh-gateway (1.1.0)
      net-ssh (>= 1.99.1)
    nokogiri (1.5.5)
    oauth (0.4.6)
    oauth2 (0.8.0)
      faraday (~> 0.8)
      httpauth (~> 0.1)
      jwt (~> 0.1.4)
      multi_json (~> 1.0)
      rack (~> 1.2)
    omniauth (1.1.0)
      hashie (~> 1.2)
      rack
    omniauth-facebook (1.4.1)
      omniauth-oauth2 (~> 1.1.0)
    omniauth-google-apps (0.0.2)
      omniauth (~> 1.0)
      omniauth-openid (~> 1.0)
      ruby-openid-apps-discovery (~> 1.2.0)
    omniauth-oauth (1.0.1)
      oauth
      omniauth (~> 1.0)
    omniauth-oauth2 (1.1.0)
      oauth2 (~> 0.8.0)
      omniauth (~> 1.0)
    omniauth-openid (1.0.1)
      omniauth (~> 1.0)
      rack-openid (~> 1.3.1)
    omniauth-twitter (0.0.12)
      multi_json (~> 1.3)
      omniauth-oauth (~> 1.0)
    orm_adapter (0.4.0)
    pg (0.14.0)
    polyglot (0.3.3)
    princely (1.2.5)
    rack (1.4.1)
    rack-cache (1.2)
      rack (>= 0.4)
    rack-openid (1.3.1)
      rack (>= 1.1.0)
      ruby-openid (>= 2.1.8)
    rack-ssl (1.3.2)
      rack
    rack-test (0.6.1)
      rack (>= 1.0)
    rails (3.2.8)
      actionmailer (= 3.2.8)
      actionpack (= 3.2.8)
      activerecord (= 3.2.8)
      activeresource (= 3.2.8)
      activesupport (= 3.2.8)
      bundler (~> 1.0)
      railties (= 3.2.8)
    railties (3.2.8)
      actionpack (= 3.2.8)
      activesupport (= 3.2.8)
      rack-ssl (~> 1.3.2)
      rake (>= 0.8.7)
      rdoc (~> 3.4)
      thor (>= 0.14.6, < 2.0)
    raindrops (0.10.0)
    rake (0.9.2.2)
    rdoc (3.12)
      json (~> 1.4)
    ref (1.0.0)
    ruby-hmac (0.4.0)
    ruby-openid (2.2.0)
    ruby-openid-apps-discovery (1.2.0)
      ruby-openid (>= 2.1.7)
    rvm-capistrano (1.2.5)
      capistrano (>= 2.0.0)
    sass (3.2.0)
    sass-rails (3.2.5)
      railties (~> 3.2.0)
      sass (>= 3.1.10)
      tilt (~> 1.3)
    sprockets (2.1.3)
      hike (~> 1.2)
      rack (~> 1.0)
      tilt (~> 1.1, != 1.3.0)
    subexec (0.2.2)
    therubyracer (0.11.0beta8)
      ref
    thor (0.16.0)
    tilt (1.3.3)
    treetop (1.4.10)
      polyglot
      polyglot (>= 0.3.1)
    tzinfo (0.3.33)
    uglifier (1.2.7)
      execjs (>= 0.3.0)
      multi_json (~> 1.3)
    unicorn (4.3.1)
      kgio (~> 2.6)
      rack
      raindrops (~> 0.7)
    warden (1.2.1)
      rack (>= 1.0)
    yamler (0.1.0)
    yettings (0.1.1)

PLATFORMS
  ruby

DEPENDENCIES
  action_mailer_tls!
  ajaxful_rating_jquery!
  breadcrumbs_on_rails!
  cancan
  capistrano!
  capistrano-unicorn!
  capistrano_colors
  carrierwave
  coffee-rails
  configatron!
  devise_omniauth_engine!
  dynamic_form
  ffaker
  fog
  jquery-rails
  jquery-ui-rails
  kaminari!
  machinist
  mime-types
  mini_exiftool
  mini_magick
  omniauth-facebook
  omniauth-google-apps
  omniauth-openid
  omniauth-twitter
  omniauth-vkontakte!
  pg
  plupload-rails!
  princely
  rails (= 3.2.8)
  russian!
  rvm-capistrano
  sass-rails
  twitter-bootstrap-rails!
  uglifier
  unicorn
